GEM
  remote: https://rubygems.org/
  specs:
    coderay (1.1.3)
    method_source (0.8.2)
    pry (0.10.4)
      coderay (~> 1.1.0)
      method_source (~> 0.8.1)
      slop (~> 3.4)
    rake (13.0.3)
    slop (3.6.0)

PLATFORMS
  x86_64-darwin-18

DEPENDENCIES
  pry (~> 0.10.4)
  rake

BUNDLED WITH
   2.2.8
